GEM
  remote: https://rubygems.org/
  specs:
    addressable (2.3.5)
    exercism (0.0.26)
      faraday (>= 0.8.8)
      json
      launchy (~> 2.3.0)
      thor
    faraday (0.8.8)
      multipart-post (~> 1.2.0)
    json (1.8.0)
    launchy (2.3.0)
      addressable (~> 2.3)
    multipart-post (1.2.0)
    thor (0.18.1)

PLATFORMS
  ruby

DEPENDENCIES
  exercism
